GEM
  remote: https://rubygems.org/
  specs:
    csv (3.3.0)
    hashdiff (1.1.1)
    httparty (0.22.0)
      csv
      mini_mime (>= 1.0.0)
      multi_xml (>= 0.5.2)
    json (2.7.2)
    mini_mime (1.1.5)
    multi_xml (0.6.0)
    woocommerce_api (1.4.0)
      httparty (~> 0.14, >= 0.14.0)
      json (~> 2.0, >= 2.0.0)

PLATFORMS
  arm64-darwin-21

DEPENDENCIES
  hashdiff
  woocommerce_api (~> 1.4)

BUNDLED WITH
   2.4.22
